##TITLE=Parameter List, ParaVision 6.0.1
##JCAMPDX=4.24
##DATATYPE=Parameter Values
##ORIGIN=Bruker BioSpin MRI GmbH
##OWNER=nmrsu
$$ 2025-09-19 10:34:15.776 -0400  nmrsu@bruker3
$$ /opt/nmrdata/PV6.0.1_data/nmrsu/20250919_102952_QA_Phantom_T10998_EPI_test_2_148/1/visu_pars
$$ process /opt/PV6.0.1/prog/mod/acq_out
##$VisuVersion=3
##$VisuUid=( 65 )
<2.16.756.5.5.100.8323328.51538.1758292455.1>
##$VisuCreator=( 65 )
<ParaVision>
##$VisuCreatorVersion=( 65 )
<6.0.1>
##$VisuCreationDate=<2025-09-19T10:34:15,724-0400>
##$VisuInstanceModality=( 65 )
<MR>
##$VisuCoreFrameCount=9
##$VisuCoreDim=2
##$VisuCoreSize=( 2 )
256 256
##$VisuCoreDimDesc=( 2 )
spatial spatial
##$VisuCoreExtent=( 2 )
70 70
##$VisuCoreFrameThickness=( 1 )
1
##$VisuCoreUnits=( 2, 65 )
<mm> <mm>
##$VisuCoreOrientation=( 9, 9 )
1 0 0 0 1 0 0 0 1 1 0 0 0 1 0 0 0 1 1 0 0 0 1 0 0 0 1 0 1 0 0 0 -1 -1 0 0 0 1 
0 0 0 -1 -1 0 0 0 1 0 0 0 -1 -1 0 0 1 0 0 0 0 -1 0 1 0 1 0 0 0 0 -1 0 1 0 1 0 
0 0 0 -1 0 1 0
##$VisuCorePosition=( 9, 3 )
-35 -35 -2 -35 -35 0 -35 -35 2 2 -35 35 0 -35 35 -2 -35 35 -35 2 35 -35 0 35 
-35 -2 35
##$VisuCoreDataMin=( 9 )
0.550024446869138 0.596719114492378 1.04962476882387 0.258911644187152 
0.614883204631374 0.454630884528466 0.695143921145444 0.859497512074081 
0.659795799084065
##$VisuCoreDataMax=( 9 )
29220.3257932266 28116.8572016292 28166.4180641494 31864.8696573001 
32005.7835561958 32496.908797078 32766.5 32452.9522382917 31538.9829208315
##$VisuCoreDataOffs=( 9 )
0 0 0 0 0 0 0 0 0
##$VisuCoreDataSlope=( 9 )
0.00137360537308364 0.00137360537308364 0.00137360537308364 
0.00137360537308364 0.00137360537308364 0.00137360537308364 
0.00137360537308364 0.00137360537308364 0.00137360537308364
##$VisuCoreFrameType=( 1 )
MAGNITUDE_IMAGE
##$VisuCoreSlicePacksDef=(0, 3)
##$VisuCoreSlicePacksSlices=( 3 )
(0, 3) (3, 3) (6, 3)
##$VisuCoreSlicePacksSliceDist=( 3 )
2 2 2
##$VisuCoreWordType=_16BIT_SGN_INT
##$VisuCoreByteOrder=littleEndian
##$VisuCoreTransposition=( 9 )
0 0 0 1 1 1 1 1 1
##$VisuFGOrderDescDim=1
##$VisuFGOrderDesc=( 1 )
(9, <FG_SLICE>, <>, 0, 2)
##$VisuGroupDepVals=( 2 )
(<VisuCoreOrientation>, 0) (<VisuCorePosition>, 0)
##$VisuSubjectName=( 65 )
<Blue Imaging Tube D030>
##$VisuSubjectId=( 65 )
<QA_Phantom_T10998>
##$VisuSubjectUid=( 65 )
<2.16.756.5.5.100.1284424989.8323.1460579554.3>
##$VisuSubjectInstanceCreationDate=(1460579554, 762, -240)
##$VisuSubjectBirthDate=( 9 )
<20250524>
##$VisuSubjectSex=UNDEFINED
##$VisuSubjectType=Other
##$VisuStudyUid=( 65 )
<2.16.756.5.5.100.8323328.48392.1758292192.9>
##$VisuStudyDate=<2025-09-19T10:29:52,856-0400>
##$VisuStudyId=( 65 )
<EPI_test>
##$VisuStudyNumber=148
##$VisuSubjectWeight=0.001
##$VisuStudyReferringPhysician=( 65 )
<nmrsu>
##$VisuStudyDescription=( 2048 )
<\
>
##$VisuExperimentNumber=1
##$VisuProcessingNumber=1
##$VisuSeriesDate=<2025-09-19T10:34:15,724-0400>
##$VisuSubjectPosition=Head_Supine
##$VisuSeriesTypeId=( 65 )
<ACQ_BRUKER_PVM>
##$VisuManufacturer=( 65 )
<Bruker BioSpin MRI GmbH>
##$VisuAcqSoftwareVersion=( 65 )
<6.0.1>
##$VisuInstitution=( 65 )
<Sunnybrook Research Institute>
##$VisuStation=( 65 )
<BioSpec 70/30>
##$VisuSystemOrderNumber=( 65 )
<CTO-081-10>
##$VisuAcqDate=<2025-09-19T10:33:58,452-0400>
##$VisuAcqEchoTrainLength=1
##$VisuAcqSequenceName=( 40 )
<Bruker:FLASH>
##$VisuAcqNumberOfAverages=1
##$VisuAcqImagingFrequency=300.322570812946
##$VisuAcqImagedNucleus=( 8 )
<1H>
##$VisuAcqRepetitionTime=( 1 )
100
##$VisuAcqPhaseEncSteps=128
##$VisuAcqPixelBandwidth=159.22214673913
##$VisuAcqFlipAngle=30
##$VisuAcqSize=( 2 )
96 128
##$VisuAcqImageSizeAccellerated=Yes
##$VisuAcqGradEncoding=( 2 )
read_enc phase_enc
##$VisuAcqEchoTime=( 1 )
2.5
##$VisuAcquisitionProtocol=( 65 )
<1_Localizer>
##$VisuAcqScanTime=12800
##$VisuAcqAntiAlias=( 2 )
1 1
##$VisuAcqEchoSequenceType=GradientEcho
##$VisuAcqSpinsVelocityEncoded=No
##$VisuAcqHasTimeOfFlightContrast=No
##$VisuAcqIsEpiSequence=No
##$VisuAcqSpectralSuppression=FatSuppression
##$VisuAcqKSpaceTraversal=RectilinearTraversal
##$VisuAcqEncodingOrder=( 2 )
LinearEncoding LinearEncoding
##$VisuAcqKSpaceTrajectoryCnt=1
##$VisuAcqKSpaceFiltering=( 2 )
NO_WDW NO_WDW
##$VisuAcqFlowCompensation=FlowNone
##$VisuAcqSpoiling=GradientSpoiled
##$VisuAcqPartialFourier=( 2 )
1.6 1
##$VisuAcqParallelReductionFactor=( 2 )
1 1
##$VisuAcqMagnetizationTransfer=No
##$VisuAcqBloodSignalNulling=No
##$VisuCardiacSynchUsed=No
##$VisuRespSynchUsed=No
##END=
$$ File finished by PARX at 2025-09-19 10:34:15.776 -0400
