##TITLE=Parameter List, ParaVision 6.0.1
##JCAMPDX=4.24
##DATATYPE=Parameter Values
##ORIGIN=Bruker BioSpin MRI GmbH
##OWNER=nmrsu
$$ 2025-03-04 12:10:37.765 -0500  nmrsu@bruker3
$$ /opt/nmrdata/PV6.0.1_data/nmrsu/20250304_120429_COmp_MRS_PRESS_RFshapes_COmp_MRS_PRESS_RFsh_1_1/1/method
$$ process /opt/PV6.0.1/prog/mod/acq_out
##$Method=<Bruker:FLASH>
##$PVM_EchoTime=2.5
##$PVM_RepetitionTime=100
##$PVM_NEchoImages=1
##$PVM_NAverages=1
##$PVM_NRepetitions=1
$$ @vis= Method PVM_EchoTime PVM_RepetitionTime PVM_NEchoImages PVM_NAverages
##$PVM_ScanTimeStr=( 16 )
<0h0m12s800ms>
##$PVM_ScanTime=12800
##$PVM_DeriveGains=Yes
##$ExcPulse1Enum=<Calculated>
##$ExcPulse1=(1.11111111111111, 5400, 30, Yes, 4, 6000, 0.165296852399983, 
0.143656105410724, 0, 50, 6.15216370862728, <$ExcPulse1Shape>)
$$ @vis= PVM_NRepetitions PVM_ScanTimeStr PVM_DeriveGains ExcPulse1Enum
##$ExcPulse1Ampl=(6.15216370862728, 17.5387623688607, -7.89027883491604)
##$PVM_GradCalConst=28457.8
##$PVM_Nucleus1Enum=<1H>
##$PVM_Nucleus1=( 8 )
<1H>
##$PVM_RefPowMod1=AutoAdj
$$ @vis= ExcPulse1 RF_Pulses PVM_GradCalConst PVM_Nucleus1Enum PVM_Nucleus1
##$PVM_RefPowCh1=1.86773192233101
##$PVM_RefPowStat1=( 1024 )
<Study: Adj by AdjRefG (protocol ADJ_REFG)>
##$PVM_Nucleus2Enum=<1H>
##$PVM_Nucleus3Enum=<1H>
##$PVM_Nucleus4Enum=<1H>
##$PVM_Nucleus5Enum=<1H>
##$PVM_Nucleus6Enum=<1H>
##$PVM_Nucleus7Enum=<1H>
##$PVM_Nucleus8Enum=<1H>
##$PVM_FrqRef=( 8 )
300.322853290266 0 0 0 0 0 0 0
##$PVM_FrqWorkOffset=( 8 )
0 0 0 0 0 0 0 0
$$ @vis= PVM_RefPowMod1 PVM_RefPowCh1 PVM_RefPowStat1 PVM_FrqRef
##$PVM_FrqWork=( 8 )
300.322853290266 0 0 0 0 0 0 0
##$PVM_FrqRefPpm=( 8 )
4.7 0 0 0 0 0 0 0
##$PVM_FrqWorkOffsetPpm=( 8 )
0 0 0 0 0 0 0 0
##$PVM_FrqWorkPpm=( 8 )
4.7 0 0 0 0 0 0 0
$$ @vis= PVM_FrqWorkOffset PVM_FrqWork PVM_FrqRefPpm PVM_FrqWorkOffsetPpm
##$PVM_NucleiPpmWork=( 20 )
(<1H>, 4.7) (<none>, 0) (<none>, 0) (<none>, 0) (<none>, 0) (<none>, 0) 
(<none>, 0) (<none>, 0) (<none>, 0) (<none>, 0) (<none>, 0) (<none>, 0) 
(<none>, 0) (<none>, 0) (<none>, 0) (<none>, 0) (<none>, 0) (<none>, 0) 
(<none>, 0) (<none>, 0)
##$PVM_SpatDimEnum=<2D>
##$PVM_IsotropicFovRes=Isot_Fov
$$ @vis= PVM_FrqWorkPpm PVM_NucleiPpmWork Nuclei PVM_SpatDimEnum
##$PVM_Matrix=( 2 )
256 256
##$PVM_MinMatrix=( 2 )
32 32
##$PVM_MaxMatrix=( 2 )
2048 2048
##$PVM_DefMatrix=( 3 )
128 128 64
$$ @vis= PVM_IsotropicFovRes PVM_Matrix PVM_MinMatrix PVM_MaxMatrix
##$PVM_AntiAlias=( 2 )
1 1
##$PVM_MaxAntiAlias=( 2 )
2 8
##$PVM_EncSpectroscopy=No
##$PVM_EncUseMultiRec=No
$$ @vis= PVM_DefMatrix PVM_AntiAlias PVM_MaxAntiAlias PVM_EncSpectroscopy
##$PVM_EncActReceivers=( 1 )
On
##$PVM_EncZf=( 2 )
2 2
##$PVM_EncPft=( 2 )
1.6 1
##$PVM_EncPftOverscans=( 2 )
32 64
##$PVM_EncPpi=( 2 )
1 1
##$PVM_EncPpiRefLines=( 2 )
0 0
##$PVM_EncOrder=( 2 )
LINEAR_ENC LINEAR_ENC
$$ @vis= PVM_EncUseMultiRec PVM_EncZf PVM_EncPft PVM_EncPftOverscans
##$PVM_EncStart=( 2 )
0 -1
##$PVM_EncNReceivers=1
##$PVM_EncAvailReceivers=4
##$PVM_EncChanScaling=( 1 )
1
$$ @vis= PVM_EncOrder PVM_EncStart PVM_EncNReceivers PVM_EncAvailReceivers
##$PVM_EncMatrix=( 2 )
96 128
##$PVM_EncTotalAccel=2
##$PVM_EncSteps1=( 128 )
-64 -63 -62 -61 -60 -59 -58 -57 -56 -55 -54 -53 -52 -51 -50 -49 -48 -47 -46 
-45 -44 -43 -42 -41 -40 -39 -38 -37 -36 -35 -34 -33 -32 -31 -30 -29 -28 -27 
-26 -25 -24 -23 -22 -21 -20 -19 -18 -17 -16 -15 -14 -13 -12 -11 -10 -9 -8 -7 
-6 -5 -4 -3 -2 -1 0 1 2 3 4 5 6 7 8 9 10 11 12 13 14 15 16 17 18 19 20 21 22 
23 24 25 26 27 28 29 30 31 32 33 34 35 36 37 38 39 40 41 42 43 44 45 46 47 48 
49 50 51 52 53 54 55 56 57 58 59 60 61 62 63
##$PVM_EncSteps2=( 1 )
0
##$PVM_EncCentralStep1=1
$$ @vis= PVM_EncChanScaling PVM_EncMatrix PVM_EncTotalAccel PVM_EncSteps1
##$PVM_EncValues1=( 128 )
-0.5 -0.4921875 -0.484375 -0.4765625 -0.46875 -0.4609375 -0.453125 -0.4453125 
-0.4375 -0.4296875 -0.421875 -0.4140625 -0.40625 -0.3984375 -0.390625 
-0.3828125 -0.375 -0.3671875 -0.359375 -0.3515625 -0.34375 -0.3359375 
-0.328125 -0.3203125 -0.3125 -0.3046875 -0.296875 -0.2890625 -0.28125 
-0.2734375 -0.265625 -0.2578125 -0.25 -0.2421875 -0.234375 -0.2265625 
-0.21875 -0.2109375 -0.203125 -0.1953125 -0.1875 -0.1796875 -0.171875 
-0.1640625 -0.15625 -0.1484375 -0.140625 -0.1328125 -0.125 -0.1171875 
-0.109375 -0.1015625 -0.09375 -0.0859375 -0.078125 -0.0703125 -0.0625 
-0.0546875 -0.046875 -0.0390625 -0.03125 -0.0234375 -0.015625 -0.0078125 0 
0.0078125 0.015625 0.0234375 0.03125 0.0390625 0.046875 0.0546875 0.0625 
0.0703125 0.078125 0.0859375 0.09375 0.1015625 0.109375 0.1171875 0.125 
0.1328125 0.140625 0.1484375 0.15625 0.1640625 0.171875 0.1796875 0.1875 
0.1953125 0.203125 0.2109375 0.21875 0.2265625 0.234375 0.2421875 0.25 
0.2578125 0.265625 0.2734375 0.28125 0.2890625 0.296875 0.3046875 0.3125 
0.3203125 0.328125 0.3359375 0.34375 0.3515625 0.359375 0.3671875 0.375 
0.3828125 0.390625 0.3984375 0.40625 0.4140625 0.421875 0.4296875 0.4375 
0.4453125 0.453125 0.4609375 0.46875 0.4765625 0.484375 0.4921875
##$PVM_EffSWh=40760.8695652174
$$ @vis= PVM_EncCentralStep1 PVM_EncValues1 Encoding_Output Encoding
##$PVM_EchoPosition=33.3333333333333
##$EncGradDur=0.734377777777778
##$PVM_AcquisitionTime=2.3552
##$ReadSpoiler=(Yes, 2, 0.895377777777778, 20.0938116295038)
$$ @vis= PVM_EffSWh PVM_EchoPosition EncGradDur PVM_AcquisitionTime
##$SliceSpoiler=(Yes, 2, 0.2415, 29.1012428893477)
##$PVM_DigAutSet=Yes
##$PVM_DigQuad=Yes
##$PVM_DigFilter=<Digital_Medium>
##$PVM_DigRes=21
$$ @vis= ReadSpoiler SliceSpoiler PVM_DigAutSet PVM_DigQuad PVM_DigFilter
##$PVM_DigDw=0.0245333333333333
##$PVM_DigSw=40760.8695652174
##$PVM_DigNp=96
##$PVM_DigShift=36
##$PVM_DigShiftDbl=36
$$ @vis= PVM_DigRes PVM_DigDw PVM_DigSw PVM_DigNp PVM_DigShift
##$PVM_DigGroupDel=0.8832
##$PVM_DigDur=2.3552
##$PVM_DigEndDelMin=0
##$PVM_DigEndDelOpt=0.0324032403240325
$$ @vis= PVM_DigShiftDbl PVM_DigGroupDel PVM_DigDur PVM_DigEndDelMin
##$PVM_Isotropic=Isotropic_Fov
##$PVM_Fov=( 2 )
50 50
$$ @vis= PVM_DigEndDelOpt DigitizerPars Sequence_Details PVM_Isotropic
##$PVM_FovCm=( 2 )
5 5
##$PVM_SpatResol=( 2 )
0.1953125 0.1953125
##$PVM_SliceThick=1
##$PVM_ObjOrderScheme=Interlaced
##$PVM_ObjOrderList=( 3 )
0 2 1
$$ @vis= PVM_Fov PVM_SpatResol PVM_SliceThick PVM_ObjOrderScheme
##$PVM_NSPacks=3
##$PVM_SPackArrNSlices=( 3 )
1 1 1
##$PVM_MajSliceOri=No
##$PVM_SPackArrSliceOrient=( 3 )
axial sagittal coronal
$$ @vis= PVM_ObjOrderList PVM_NSPacks PVM_SPackArrNSlices PVM_MajSliceOri
##$PVM_SPackArrReadOrient=( 3 )
L_R H_F H_F
##$PVM_SPackArrReadOffset=( 3 )
0 0 0
$$ @vis= PVM_SPackArrSliceOrient PVM_SPackArrReadOrient
##$PVM_SPackArrPhase1Offset=( 3 )
0 0 0
##$PVM_SPackArrPhase2Offset=( 3 )
0 0 0
##$PVM_SPackArrSliceOffset=( 3 )
0 0 0
$$ @vis= PVM_SPackArrReadOffset PVM_SPackArrPhase1Offset
##$PVM_SPackArrSliceGapMode=( 3 )
non_contiguous non_contiguous non_contiguous
##$PVM_SPackArrSliceGap=( 3 )
1 1 1
$$ @vis= PVM_SPackArrSliceOffset PVM_SPackArrSliceGapMode
##$PVM_SPackArrSliceDistance=( 3 )
2 2 2
##$PVM_SPackArrGradOrient=( 3, 3, 3 )
1 0 -0 0 1 0 0 -0 1 -0 0 1 -0 1 -0 1 0 0 0 0 1 1 -0 0 0 1 -0
##$PVM_SliceGeo=( 3 )
(((1 0 0 0 -1 0 0 0 -1, 0 0 0), 50 50 1, <+R;read> <+P;phase> <+S;slice>, 0), 
1, 1, 256, 1, 0, No) (((0 -1 0 0 0 -1 1 0 0, 0 0 0), 50 50 1, <+P;phase> 
<+R;read> <+S;slice>, 1), 1, 1, 256, 1, 0, No) (((0 0 -1 1 0 0 0 -1 0, 0 0 0),
 50 50 1, <+R;read> <+P;phase> <+S;slice>, 0), 1, 1, 256, 1, 0, No)
##$PVM_SliceGeoObj=(<BRUKER_SLICEPACKAGE>, GeoCuboidPackId, Standard_GobjShape,
 <PVM_SliceGeo>, <PVM_ObjOrderList>, 0, <R;read> <P;phase> <S;slice>, Yes, 
12584712)
$$ @vis= PVM_SPackArrSliceGap PVM_SPackArrSliceDistance PVM_SliceGeo
##$PVM_EffPhase0Offset=( 3 )
0 0 0
##$PVM_EffPhase1Offset=( 3 )
0 0 0
##$PVM_EffPhase2Offset=( 3 )
0 0 0
##$PVM_EffSliceOffset=( 3 )
0 0 0
##$PVM_EffReadOffset=( 3 )
0 0 0
##$PVM_Phase0Offset=( 3 )
0 0 0
##$PVM_Phase1Offset=( 3 )
0 0 0
##$PVM_Phase2Offset=( 3 )
0 0 0
##$PVM_SliceOffset=( 3 )
0 0 0
##$PVM_ReadOffset=( 3 )
0 0 0
##$PVM_DummyScans=5
##$PVM_DummyScansDur=500
$$ @vis= PVM_SliceGeoObj SliceOffsetPars ImageGeometry PVM_DummyScans
##$PVM_FreqDriftYN=No
##$PVM_NMovieFrames=1
##$TimeForMovieFrames=100
##$PVM_EvolutionOnOff=Off
$$ @vis= PVM_DummyScansDur DummyScans_Parameters PVM_NMovieFrames
##$PVM_NEvolutionCycles=2
##$PVM_EvolutionCycles=1
##$PVM_EvolutionMode=Constant_Delay
##$PVM_EvolutionTime=( 2 )
1 0
##$PVM_EvolutionDelay=1
##$PVM_EvolutionModuleTime=0
##$PVM_TriggerModule=Off
##$PVM_TriggerMode=per_PhaseStep
##$PVM_TriggerDelay=1
##$PVM_TriggerDur=0.01
##$PVM_TriggerModuleTime=0
##$PVM_TaggingOnOff=Off
##$PVM_TaggingPulEnum=<gauss>
##$PVM_TaggingPul=(0.2, 13700, 29.9843490130517, No, 4, 2740, 0.4181723, 
0.298723764675971, 0, 50, 29.6379565569894, <gauss.exc>)
##$PVM_TaggingPulAmpl=(29.6379565569894, 38.4954260640075, -14.7184825711375)
##$PVM_TaggingMode=SPAMM
##$PVM_TaggingDir=Tagging_grid
##$PVM_TaggingDistance=1
##$PVM_TaggingMinDistance=0.001
##$PVM_TaggingThick=0.2
##$PVM_TaggingOffset1=0
##$PVM_TaggingOffset2=0
##$PVM_TaggingAngle=0
##$PVM_TaggingDelay=0.01
##$PVM_TaggingModuleTime=0
##$PVM_TaggingInterPulseDelay=0.903795015777748
##$PVM_TaggingPulseNumber=5
##$PVM_TaggingPulseElement=0.04
##$PVM_TaggingGradientStrength=5
##$PVM_TaggingGridDelay=0.01
##$PVM_TaggingFL=( 2 )
0 0
##$PVM_TaggingD0=1e-05
##$PVM_TaggingD1=1e-05
##$PVM_TaggingD2=0.000702795015777748
##$PVM_TaggingD3=0.000645457280604965
##$PVM_TaggingD4=0.000161
##$PVM_TaggingD5=2.5e-05
##$PVM_TaggingP0=40
##$PVM_TaggingLp0=4
##$PVM_TaggingGradAmp1=5
##$PVM_TaggingGradAmp2=-0
##$PVM_TaggingGradAmp3=0
##$PVM_TaggingGradAmp4=5
##$PVM_TaggingSpoiler=(No, 3.22959235367624, 0.806457280604965, 
36.0250824636653)
##$PVM_SelIrOnOff=Off
##$PVM_BlBloodOnOff=Off
$$ @vis= PVM_EvolutionOnOff PVM_TriggerModule PVM_TaggingOnOff PVM_SelIrOnOff
##$PVM_FatSupOnOff=On
##$PVM_FatSupPulEnum=<gauss512>
##$PVM_FatSupPul=(2.60952380952381, 1050, 90, No, 4, 2740, 0.4150688, 
0.295357137487272, 0, 50, 1.59203215524483, <gauss512.exc>)
##$PVM_FatSupPulAmpl=(1.59203215524483, 8.92197331100254, -2.01951835200875)
##$PVM_FatSupBandWidth=1050
$$ @vis= PVM_BlBloodOnOff PVM_FatSupOnOff PVM_FatSupPulEnum PVM_FatSupPul
##$PVM_FatSupSpoil=(Yes, 3, 0.483, 21.8259321670108)
##$PVM_FatSupModuleTime=3.12752380952381
##$PVM_FatSupPerform=Yes
$$ @vis= PVM_FatSupBandWidth PVM_FatSupSpoil PVM_FatSupModuleTime
##$PVM_FatSupRampTime=0.122
##$PVM_FatSupAmpEnable=0.025
##$PVM_FatSupGradWait=0.01
$$ @vis= PVM_FatSupPerform PVM_FatSupRampTime PVM_FatSupAmpEnable
##$PVM_FatSupFL=( 1 )
-1051.12504622821
##$PVM_FatSupRfLength=2609.52380952381
##$PVM_FatSupSpoilDur=0.322
$$ @vis= PVM_FatSupGradWait PVM_FatSupFL PVM_FatSupRfLength
##$PVM_FatSupSpoilAmp=21.8259321670108
##$PVM_MagTransOnOff=Off
$$ @vis= PVM_FatSupSpoilDur PVM_FatSupSpoilAmp Fat_Sup_Parameters
##$PVM_MagTransPulse1Enum=<gauss>
##$PVM_MagTransPulse1=(1.82666666666667, 1500, 117.1, No, 4, 2740, 0.4181723, 
0.298723764675971, 0, 50, 5.4189380027767, <gauss.exc>)
##$PVM_MagTransPulse1Ampl=(5.4189380027767, 16.4604647607179, 
-7.33914182345479)
##$PVM_MagTransPower=10.0017644460368
##$PVM_MagTransOffset=1500
##$PVM_MagTransInterDelay=0.01
##$PVM_MagTransPulsNumb=1
##$PVM_MagTransSpoil=(Yes, 5, 2, 8.78493769722185)
##$PVM_MagTransSpoiler=8.78493769722185
##$PVM_MagTransModuleTime=0
##$PVM_MagTransFL=( 1 )
1500
##$PVM_MtD0=0.0002
##$PVM_MtD1=2.5e-05
##$PVM_MtD2=1e-05
##$PVM_MtD3=0.002
##$PVM_MtP0=1826.66666666667
##$PVM_MtLp0=1
##$PVM_FovSatOnOff=Off
##$PVM_FovSatPulEnum=<Calculated>
##$PVM_FovSatPul=(1.2, 5000, 90, Yes, 4, 6000, 0.155352536733369, 
0.135449017488208, 0, 50, 53.7421888993478, <$PVM_FovSatPulShape>)
##$PVM_FovSatPulAmpl=(53.7421888993478, 51.8373363992344, -17.3031535110996)
##$PVM_FovSatNSlices=1
##$PVM_FovSatThick=( 1 )
4
##$PVM_FovSatOffset=( 1 )
0
##$PVM_FovSatSpoil=(Yes, 10, 0.8, 10.9811721215273)
##$PVM_FovSatSpoilDur=0.639
##$PVM_FovSatSpoilAmp=10.9811721215273
##$PVM_FovSatModuleTime=0
##$PVM_FovSatGrad=( 1, 3 )
4.39246884861093 0 0
##$PVM_FovSatRampTime=0.122
##$PVM_FovSatAmpEnable=0.025
##$PVM_FovSatGradWait=0.01
##$PVM_FovSatSliceOri=( 1 )
sagittal
##$PVM_FovSatSliceOriMat=( 1, 9 )
0 -1 0 0 0 -1 1 0 0
##$PVM_FovSatSliceVec=( 1, 3 )
1 0 0
##$PVM_FovSatSlicePos=( 1, 2 )
0 0
##$PVM_FovSatFL=( 1 )
0
##$PVM_FovSatRfLength=1200
##$PVM_FovSatGeoObj=(<BRUKER_FOVSAT>, GeoPlanarId, Standard_GobjShape, 
<PVM_FovSatGeoCub>, <>, 0, <1;first> <2;second> <S;slice>, Yes, 524384)
##$PVM_FovSatGeoCub=( 1 )
(((0 -1 0 0 0 -1 1 0 0, 0 0 0), 58 58 4, <+1;first> <+2;second> <+S;slice>, 0)
, 1, 1, 1, 4, 0, No)
##$PVM_InFlowSatOnOff=Off
##$PVM_InFlowSatNSlices=1
##$PVM_InFlowSatThick=( 1 )
4
##$PVM_InFlowSatMinThick=0.175698753944437
##$PVM_InFlowSatSliceGap=0
##$PVM_FlowSatGeoObj=(<BRUKER_FLOWSAT>, GeoPlanarId, Standard_GobjShape, 
<PVM_FlowSatGeoCub>, <>, 0, <1;first> <2;second> <S;slice>, Yes, 553191)
##$PVM_FlowSatGeoCub=( 3 )
(((1 0 0 0 -1 0 0 0 -1, 0 0 -2.5), 60 60 4, <+1;first> <+2;second> <+S;slice>,
 0), 1, 1, 1, 4, 0, No) (((-0 -0 1 0 -1 0 1 0 0, 2.5 0 0), 60 60 4, <+1;first>
 <+2;second> <+S;slice>, 0), 1, 1, 1, 4, 0, No) (((0 0 -1 1 0 0 0 -1 0, 0 
-2.5 0), 60 60 4, <+1;first> <+2;second> <+S;slice>, 0), 1, 1, 1, 4, 0, No)
##$PVM_FlowSatPulEnum=<Calculated>
##$PVM_FlowSatPul=(1.2, 5000, 90, Yes, 4, 6000, 0.155352536733369, 
0.135449017488208, 0, 50, 53.7421888993478, <$PVM_FlowSatPulShape>)
##$PVM_FlowSatPulAmpl=(53.7421888993478, 51.8373363992344, -17.3031535110996)
##$PVM_InFlowSatSpoil=(Yes, 5, 0.483, 9.09413840292117)
##$PVM_InFlowSatPos=up
##$PVM_InFlowSatModuleTime=0
##$PVM_InFlowSatFL=( 3 )
3125 3125 3125
##$PVM_SfD0=0.000161
##$PVM_SfD1=2.5e-05
##$PVM_SfD2=0.000483
##$PVM_SfP0=1200
##$PVM_SfLp0=1
##$PVM_MotionSupOnOff=On
##$RFSpoiling=No
##$AngioMode=No
$$ @vis= PVM_MagTransOnOff PVM_FovSatOnOff PVM_InFlowSatOnOff RFSpoiling
##$PVM_MapShimReady=No
##$PVM_MapShimLocShim=No
##$PVM_MapShimStatus=( 128 )
<Mapshim disabled: No map acquired>
##$PVM_MapShimCalcStat=( 256 )
<Not Calculated.>
##$PVM_MapShimNSets=1
$$ @vis= AngioMode Preparation PVM_MapShimReady PVM_MapShimStatus
##$PVM_MapShimSets=( 1 )
(0, 0, 0, 0, 0, 0, 0, 0, 0, 0, 0, 0, 0, 0, 0, 0, 0, 0, 0, 0, 0, 0, 0, 0, 0, 0,
 0, 0, 0, 0, 0, 0, 0, 0, 0, 0, 0, 0, 0)
##$PVM_MapShimNVolumes=1
##$PVM_MapShimVolShape=Cuboid
##$PVM_ReqShimEnum=Current_Shim
##$PVM_MapShimUseShims=AllShims
##$PVM_MapShimVolDerive=No
##$PVM_MapShimVolMargin=( 3 )
0 0 0
$$ @vis= PVM_MapShimNSets PVM_MapShimSets PVM_MapShimNVolumes PVM_ReqShimEnum
##$PVM_StartupShimCond=TuneupShim
##$PVM_GeoObj=( 1, 65 )
<PVM_SliceGeoObj>
##$PVM_ExportHandler=( 2 )
(<BRUKER_PARIMPORT_SLICEGEO>, <>, <Slice Geometry>) (<BRUKER_PARIMPORT_FOVSAT>
, <>, <FOV Saturation>)
$$ @vis= MapShim PVM_StartupShimCond StartupShims MethodClass PVM_GeoObj
$$ @vis= PVM_ExportHandler StandardMethodGroup
##END=
$$ File finished by PARX at 2025-03-04 12:10:37.766 -0500
