##TITLE=Parameter List, ParaVision 6.0.1
##JCAMPDX=4.24
##DATATYPE=Parameter Values
##ORIGIN=Bruker BioSpin MRI GmbH
##OWNER=nmrsu
$$ 2025-09-19 10:57:31.549 -0400  nmrsu@bruker3
$$ /opt/nmrdata/PV6.0.1_data/nmrsu/20250919_102952_QA_Phantom_T10998_EPI_test_2_148/5/visu_pars
$$ process /opt/PV6.0.1/prog/mod/acq_out
##$VisuVersion=3
##$VisuUid=( 65 )
<2.16.756.5.5.100.8323328.59977.1758293850.1>
##$VisuCreator=( 65 )
<ParaVision>
##$VisuCreatorVersion=( 65 )
<6.0.1>
##$VisuCreationDate=<2025-09-19T10:57:30,297-0400>
##$VisuInstanceModality=( 65 )
<MR>
##$VisuCoreFrameCount=900
##$VisuCoreDim=2
##$VisuCoreSize=( 2 )
64 64
##$VisuCoreDimDesc=( 2 )
spatial spatial
##$VisuCoreExtent=( 2 )
60 60
##$VisuCoreFrameThickness=( 1 )
1.5
##$VisuCoreUnits=( 2, 65 )
<mm> <mm>
##$VisuCoreOrientation=( 1, 9 )
1 0 0 0 1 0 0 0 1
##$VisuCorePosition=( 1, 3 )
-30 -27.63021 0
##$VisuCoreDataMin=( 900 )
0.247344863137501 0.852992157688436 0.729056291687214 0.142282310725811 
0.509609456696872 0.327468604483465 0.709347739656593 0.335753744919685 
0.612404842385743 0.194283779367667 0.277762184970205 0.932799911087554 
0.181025746746769 1.07798555937077 0.483781950884308 0.407025892078819 
0.109289387240093 0.517887971168586 0.125257447318778 0.197477886555418 
0.43519925612233 0.639414275618398 0.207112362589245 0.560263772603722 
0.977916876617061 0.472516426727039 0.268758521565649 0.554660824500018 
0.249828088991101 0.896134088365516 0.734428020180395 0.459297228073867 
0.27883765627316 1.06336513985101 0.243068282023333 0.47264499093499 
1.13168214557119 0.610995127935856 0.652444186104411 0.56336145800508 
0.266878413981237 0.100753905966657 0.783029349284247 1.04198191935093 
0.437156572502423 0.110592661211892 0.642052481101208 0.54538449682618 
1.03835627036745 1.4484131430842 1.06795513771673 0.477595933423025 
1.04301120145379 0.265151445074229 0.213941498290934 0.338675511360323 
0.799578828883583 0.369949413911912 1.15983023425688 0.628590701627893 
0.867187836871717 1.26066316260023 0.782969723944778 1.03674920044841 
0.73400726707683 0.868214272366487 0.713379140078308 0.318946682450574 
1.08391727473496 0.330042987415583 0.335633049991325 1.06888041725747 
0.182654333581546 0.702249824333664 0.102778691101279 0.489775771255952 
0.474031423853358 0.792795301783774 0.68248688209795 0.422159630304751 
0.21321291554315 0.802973519414581 0.101790724581939 1.20202813317836 
0.330768439416887 0.533403510426804 0.215119824001875 0.203846695289476 
0.777857686484201 0.261586720056504 0.588303314497638 0.402446519997239 
0.511500223343848 1.0553020747344 0.553603110120053 0.359276896841755 
0.30340094670867 0.49378347524513 1.08346930968677 1.27293030981656 
0.591404720086976 1.12435261167949 0.730078510279723 0.673113298319841 
0.0625997088483006 0.323630033117114 0.10216933659877 0.689344822671493 
0.418062378435723 0.369335224343221 0.424391959431003 1.11550184746849 
0.685932926518914 0.697391641707886 0.268613130208694 0.585500568626944 
0.06407514295006 0.384190718475942 0.568704701741362 0.563983238901663 
1.103539692396 0.366802394750779 0.382378939666876 0.82286050268264 
0.633685032756611 0.50773946055974 0.462798754329905 0.508566115220813 
0.446899848329748 0.20431080554092 0.205687539719449 1.24130633858154 
0.408256919080436 0.868483527797085 0.187223799790813 0.728675887284472 
0.154186173982057 0.632280085941649 0.68933011640242 0.441778473782175 
0.957857067224333 1.02091595467338 0.817423251959817 0.690468288697186 
0.832756166012959 0.368451130777286 0.651001383442128 0.715609747881121 
0.521289380304575 0.114710257422749 0.538017796135934 1.04762346953808 
0.211249564319622 0.473165035709508 0.538630167172184 0.33837907210354 
0.416149608021523 0.536701116872307 0.776069695515025 0.617610275315811 
0.888866262544309 1.20334952648371 0.580305462469695 0.621881966816611 
0.197440832988178 0.384130367444082 1.51715019282196 0.572712950358994 
0.4104847959773 1.32601363715383 0.282548589530836 0.259576337080089 
0.900286833012556 1.01330093814768 0.901323360254361 0.582067201105046 
0.696073622535062 0.41424426284513 0.680490615956536 0.0234926514991195 
1.14087378930664 0.5565285807664 0.336691861829648 1.04622133142904 
0.489140822048344 1.19157504372195 1.14363752445061 0.59821542759717 
0.679792084934494 0.439740699493107 0.340268642090184 0.578308764594671 
0.685821526254936 0.393948428808083 0.141636640875227 0.435403753221479 
0.638139119920366 0.841241592461023 1.40983855658274 0.731789872334106 
0.610017113634416 0.848655737017954 0.892933101414669 0.34157305943326 
0.3602034836775 0.613407136062877 0.663437922729258 0.714218175776528 
0.679722759213944 0.798940677660793 0.71853435203581 0.359851991597951 
1.4717459309708 0.152850837529447 0.390095906682861 0.645523885237279 
0.452893742191293 0.869367520118282 0.769251160319641 0.331171224253584 
0.717207792233909 0.557518821388391 0.31855356788377 0.185563202759412 
0.945175860124818 0.389389485525728 0.86893814277223 0.646690694379488 
1.13492616214837 0.964951338686432 0.916035041153132 0.924118817389163 
0.187400841387675 1.02232398725912 0.271464570364655 0.628080547783502 
0.123318008302815 1.6858329370753 0.0833622381913799 0.590673028950239 
0.715451172253611 0.708036426216397 0.886190681520045 1.6016051275287 
0.568006470846606 0.706458104856636 1.0424583786645 0.87234519253847 
0.443232334056947 1.03599238229259 0.927815492746721 0.28458194386991 
0.654435405891612 0.0787032601284742 0.731095911747286 0.777222704027179 
0.578179163739632 0.422860973738279 0.82771495010112 0.722717075151158 
0.342239008571358 0.399606305066556 0.665216097327362 0.789366084065867 
0.808815233047761 0.165700197564249 0.437532099308205 0.579735277727217 
0.916840778375888 0.10111349311952 0.694102019733064 1.11244072018445 
0.535884847116931 0.49153871500146 0.679703211227868 0.800132281669177 
0.669783912803288 0.215853211182092 0.514422091777535 0.515614958264118 
0.276774270205758 0.227243716918097 0.358594778937318 0.433818639651023 
0.283391228687941 0.424307005320669 1.3575023367114 0.510577733638487 
0.339644518461903 0.402880781016699 0.581175792047155 0.393978830479462 
0.801471573310062 0.292877518219072 0.584751176477189 0.826538685628196 
0.690781532749073 0.191193710512845 0.275717917229054 0.392622954875044 
0.81882305734696 0.885425077696706 1.02092961489347 1.04937595823755 
0.434749376577707 0.242085071826166 0.19760379493646 0.949312123016279 
0.534305513228277 0.91340705549672 1.07702167558691 0.296008363070803 
0.751167138372245 0.972948377257242 0.947205810747761 0.692739402269678 
0.347214201913264 1.59846655372078 0.125941751374689 0.824587758286235 
0.867467887977091 0.768836563750899 0.27794803773343 1.36552169883167 
0.38211226875451 0.160331899584904 0.992241150657116 0.898828706581814 
0.669328042408535 0.518175483006229 0.243660551236307 0.470474292060418 
0.664161402612358 1.2781731048237 1.30925155307745 0.632532469575767 
0.284876403696004 0.60056003969737 1.04343377776171 0.551446100961324 
0.0933908763188682 0.193404323791306 0.585671488726387 0.497754220287273 
0.496963138041043 0.591849663323667 0.803613939545194 0.9844767789555 
0.910515916257903 0.27295133648612 0.599597990638615 0.188250407169946 
0.0807058499088761 0.631841985282859 0.972262850741218 0.319678905368954 
0.532742929346169 0.369917842252534 0.75765447550558 0.586536690313734 
0.423394359796364 0.665094041095674 0.235571990661288 0.858039502906344 
1.16926385882308 0.610435344578274 0.327138416620882 0.444088614756319 
0.361499813964076 0.40458217832616 0.169608531773866 1.18379577446074 
0.534825676518605 0.543057083130306 0.668797194495054 0.500299151257619 
1.106189086781 0.665995326036655 0.758358560405897 0.836454135169728 
1.18181822729131 1.24288998073865 0.287479063197847 0.185727702902162 
0.313476686645271 0.70243763818282 0.206739790726601 0.664984712097946 
1.30665677250028 0.56026408456384 0.391928807183125 0.497377738794251 
0.673590206711904 0.903080348410995 0.889081868940199 0.808272265111418 
0.304842201003062 0.516930085717109 0.547019376380128 0.278842241978498 
0.843570086999836 0.117471700223854 0.464303632758456 0.480192327762445 
0.317048142892216 0.799452151759701 0.692762632795006 0.362757635123804 
0.999539033325971 0.849656353067622 0.560496066782924 0.458315753100749 
0.783975071524603 0.825042082033714 0.436578614356433 1.06298567899362 
0.34199925894271 0.889159288282791 0.328508753780791 0.470440377516417 
0.628599774694736 0.369227310362622 0.939089105449365 0.893894792476017 
0.932679659330093 0.368653474934931 0.42802789536143 1.01300146529734 
0.0895651104221147 0.623344903210401 0.642480263707351 0.305346547535266 
0.124232147376233 1.18590413223483 1.00157429740697 0.260314101240014 
1.38258923501663 0.545514827418407 0.787324453406599 0.424885691826681 
0.487048124762306 0.342278502895618 0.260488063306639 0.522372105568374 
0.265328599432423 0.145229685601602 0.432991970974491 0.722327394315084 
0.775551631791159 0.85204469968925 0.839276823992875 0.715181114658677 
0.557769848361818 0.454554626916557 0.942318691011522 0.321587596424251 
0.803237039387053 0.584020714372949 0.484202379402962 0.414491172619596 
0.526521912898916 0.20160168348945 0.793352038629257 1.08706432454052 
0.924462883506576 1.16434384059511 0.265819805070442 0.932195131466698 
0.413816449841487 0.330214916119732 0.449362835041256 0.336595803511483 
1.33870384482161 0.488901406183865 1.80918212039536 0.508078326107169 
0.943241378774923 0.677341923039802 0.800697324499217 0.617626289063168 
0.490038155597595 0.670923212118998 0.623304780274209 0.4901639482112 
0.862845310988513 0.912566130026103 0.581943319904307 0.0613099809008062 
1.51939482987936 1.0210488605783 0.765159028542035 0.594878840353792 
0.0761991422615274 0.320472767894086 0.333545826565205 0.317895003758281 
0.105321722643455 0.829309518311916 0.423832848240179 0.712539502473938 
0.571226240918131 0.183250131890119 0.64093047351712 0.493031100335636 
1.00381190043901 0.904004920967631 0.859363821703727 0.559374623370733 
0.77277109813316 0.643695241697622 0.373132727911428 0.332523267811211 
0.621978439678277 1.66755935768869 0.547333658412243 0.530005811403578 
0.51369454055304 0.429784970714108 0.332848169865496 0.308603361464596 
1.62028105842376 1.26435231748567 0.390113228412603 0.81657878971341 
0.648826973024553 1.25254809129765 1.56280716036168 0.799319187887972 
0.775412871708855 1.08453305684338 0.753729548481556 0.694114183484396 
0.0688696907138147 0.80722751180834 0.205188022339829 0.501098349102101 
0.0984655522648966 0.309877581905301 0.781114309794324 0.9902925948525 
0.248066389962568 0.747057766472711 0.303003611932483 0.558353093651809 
0.460162245551797 0.869750094761478 0.816003258707826 0.851319346314487 
0.358639288772855 0.49473270477726 0.488809469021326 1.21445484046541 
0.36746161834201 0.442575481891852 0.692249496328184 0.622275832138229 
0.456295470243609 0.173707014189583 0.698498528752655 0.584530605869541 
0.592638939183245 0.810977913765766 0.749361335545047 0.752053670977792 
0.170487881051316 0.607716825448941 0.476791277957408 0.652349148781322 
0.672003537751459 0.562389642184354 0.846833395132366 0.22468746882512 
0.99198257635517 0.44828415577262 0.347572630164776 0.35898806791953 
0.168223722461948 0.539764017912541 0.284458036434292 0.427445251821646 
0.534274854357316 0.517319717074046 0.266979816842571 0.582630213793437 
0.226313629708138 0.848155328240967 0.809769284347796 0.594185154799095 
0.596855363481555 0.796266480637163 1.01661552462591 0.746957489488684 
0.697769581777006 1.19351696011251 0.274818907909029 1.34327402517014 
0.530305205557751 0.292663325300158 0.910209254336105 0.451927176837134 
1.31075693137824 0.918117499137517 0.790775104230406 0.571297208235238 
1.04042032785622 0.651198110056528 1.1466307693094 0.864088064809842 
0.86200506681131 0.596026462516552 0.134670368705899 0.633050807707871 
1.10148055274108 0.372820791597243 0.693038526975981 0.135351317902319 
0.845133465976391 1.06498848442883 0.549123010757967 0.732166001479913 
0.541411941472793 0.557989121295764 0.711970570246029 0.35821228976195 
0.718840747595765 0.193858001533277 0.426712533729997 0.0866217712924509 
0.501063903120365 0.584475814278851 0.67414913850293 0.540618480165663 
0.229123045484463 0.848630029230616 0.751849071871197 0.629051887989556 
0.71733072755306 0.312638464804 0.484060787484593 0.246630719708766 
0.938995758076266 0.93712461394347 0.886401197765896 0.526765080327984 
0.559319089460407 0.587483415355672 0.519259429123183 0.258485901105009 
0.397082843140162 0.84539083618875 0.472715415677276 0.832791827222867 
0.684777593337969 1.32358678827205 0.419243212020714 0.515464605658807 
0.190353732493871 0.475735343413847 0.698678912331145 1.14977517769588 
0.472172301371848 0.748303733298735 0.0638270029510401 0.912356560693202 
0.169675809967454 0.231974045525311 0.515750097656824 0.151960869905295 
0.489867775242161 1.14988064243464 0.437651528362316 0.552707040227118 
0.164664047269735 0.623084464443709 0.911088665518091 0.328568065989918 
0.732824499399018 0.567584315468049 0.152103287102791 0.0964611402622547 
1.04089121491073 0.565753453069013 0.363696954375116 0.663180611221603 
1.35818675620777 0.357244081458774 0.831340401778153 1.0127822030346 
0.391785494022377 0.431143470240019 0.30072657906762 1.10773286305561 
0.27824614045296 1.04435592993031 0.63483492084037 0.318792883779703 
0.754224507383843 1.25795594749297 0.264542242173912 0.840479151899769 
0.675459286853663 0.952434657476514 0.668501094169917 1.27074003116071 
0.229256558297379 1.21366086532808 0.428076813215503 1.0453318310952 
0.848887114576329 0.624094648381574 0.504477856337206 0.397640925008871 
1.06215658727705 1.30620579057197 0.302878826779746 1.26377143363385 
0.53803709380009 0.590202961878102 0.822994175322124 0.441167025076653 
1.07580677112282 0.43399921641229 1.02912052639232 0.503447397116224 
0.45447919996875 0.927724717111121 1.0337541574573 0.216626545164231 
0.582768458258802 0.255988665852885 0.401161883825233 0.241409718981103 
1.25378910026435 0.375087314156241 0.935129490330589 0.854590297217457 
1.52085904140695 1.05490414611863 0.64529822664685 0.53828904616702 
0.60918030730797 0.952605592966249 1.06618408480621 0.610892110534727 
1.00448020002157 0.370458391874561 1.03788240357355 0.305715597009505 
0.125030910040104 0.770937537827853 0.74419698327823 0.386440391212698 
1.71654761727309 0.76020278292096 0.360929462766146 1.15060260385207 
0.950584080104379 0.761785338609994 0.47132593513092 1.19698775432476 
0.296871938648454 0.388215185887235 0.407284208053502 0.946704280426665 
0.268419706605052 0.867171179987818 0.475139016528368 0.276394604551818 
0.432469675011329 0.13667516438638 0.713463987900806 0.498343242513242 
0.368910793865928 0.362557418517323 0.250685792754888 0.407119102639381 
0.398865312647627 1.01167406827446 0.538039038481289 0.300598125609095 
0.474776231357025 0.47092616459385 0.335040000164617 0.771429248190457 
0.489936482017424 1.45475972986849 0.471839369433747 0.0745733091765804 
0.738604676933671 0.296187669613584 0.854394150277693 0.581679475523564 
0.814392495444767 0.508442884103081 0.525494255435485 0.707797748585141 
1.25364497122352 0.999975527746029 0.114685595959953 0.519736458252666 
0.932785408546917 0.373952108149456 0.577688566512176 0.312646280383047 
1.02866363516423 0.0506962996883018 0.64542927325367 0.379192396421409 
0.689163608220358 0.28253365250914 0.538725890445289 0.22856402528817 
1.12282206482503 0.330169545571873 0.520209379427295 0.621798117912879 
0.77506789267007 0.703144123436822 0.390730980702675 0.84501195825889 
0.30638621057844 0.123942892784969 0.561407353225352 0.41297113144245 
0.71022327188205 0.447668694672261 1.03010186728307 1.00936309818674 
0.378249682230834 0.291825216567874 0.840195192093126 0.308758103896398 
0.310554964122938 0.356138636634776 0.450798063744157 0.733474272274657 
0.311682403728308 0.421573184196278 0.504955310590517 0.528809277524531 
0.338552474793289 0.176384697845847 0.0927124805210572 0.406200965372562 
0.358045516942838 0.876054707593157 0.66208852963109 0.387487284012882 
0.543595558364249 1.1559806281199 0.117009933767687 0.340804815996546 
0.400216431497014 0.783266523632049 0.506854868548492 0.472418879551082 
0.972780864420374 0.473758969177609 0.585792956820572 0.460815188361513 
0.706372227515042 0.531795211937319 0.247654944198377 0.324173376482823 
0.463506541064205 0.603836617377102 0.863297993602682 0.758364980172914 
0.390204947670419 0.637538563895551 0.462210379790246 0.634903985134355 
0.477087318746437 0.847207402917736 0.540889377796931 0.225001140068159 
0.448645245204638 1.13102152585319 0.4688735344373 0.752155747596446 
0.829355993975483 0.333806906967697 0.442358088709345 0.563697899289386 
0.0970383693844959 0.428683032547222 0.324755273029889 0.708896009283063 
0.0954876335410725 0.39751936013899 0.414572103012261 0.378602648907285 
0.576572115617686 0.437904841158538 0.629035665972667 0.361812983210546 
0.174121590431362 0.191569590518654 0.256215733521475 0.613718849013893
##$VisuCoreDataMax=( 900 )
8191.625 8206.53893577821 8205.93502882525 8195.53991960405 8194.70485542609 
8191.42750460421 8196.31437502737 8216.53902213708 8238.11928992729 
8230.7635855451 8244.47782494349 8250.97290648493 8218.94833514861 
8235.54964342932 8248.77654657155 8233.3669807982 8205.4207427691 
8196.38697590117 8191.96654647231 8170.72274621068 8187.74380569221 
8192.45825082442 8192.3811380501 8185.76782500246 8212.72546099395 
8209.74336464538 8226.690923537 8231.48336496186 8222.36949110957 
8252.33143456745 8205.70088878801 8201.96215500593 8168.75287678451 
8174.40483284037 8183.13246482977 8165.59831279781 8195.86188741736 
8157.84094623977 8166.38784163329 8210.71805770032 8218.96859892468 
8218.74687576128 8221.30120182897 8185.98753629945 8240.17681930209 
8214.37402388354 8229.92601973537 8242.03970304465 8205.47369385355 
8225.48249851136 8196.54299674682 8185.3758830948 8189.9937960822 
8201.56873568064 8168.0028453776 8181.36800399619 8186.15950746185 
8189.24809420573 8226.35776691431 8212.74328224975 8209.97261176082 
8230.77152866372 8242.86298536311 8224.88733527961 8218.34029481893 
8216.57975087261 8231.09646947065 8205.17793537252 8202.10686913251 
8175.79882634084 8207.36825653645 8197.16501924559 8173.22837194727 
8172.93200241322 8208.18578552664 8204.25327096729 8245.78867038751 
8222.05659713862 8244.79378022245 8207.98414506288 8201.74287340743 
8231.78802557804 8212.29839294977 8188.29356390785 8187.60613099238 
8173.18682033538 8191.20363162713 8172.72459272516 8233.54726259162 
8169.52608995052 8209.09033037412 8223.57593711986 8252.64897228068 
8214.7672330767 8225.75875105635 8207.41029686755 8222.9828531852 
8210.52167151027 8230.94203047774 8199.35115245653 8195.65931074348 
8188.60261335578 8165.19826565591 8176.23503385011 8199.03189976475 
8209.22834655074 8190.08028608161 8178.51724995939 8226.32148001434 
8225.74177087047 8216.51860831676 8247.79358812941 8236.49497114536 
8226.38812576799 8211.9186191717 8224.05125079238 8220.41477594595 
8199.21053155664 8176.84765542 8185.41541481048 8184.17903566576 
8213.08531880042 8187.30423125542 8251.94495599195 8206.10514277239 
8223.97607378269 8240.38863990222 8242.10168124652 8239.8991825047 
8201.49225522714 8212.25418028767 8232.52406530127 8209.16668931526 
8192.62119696235 8173.56645465497 8166.59962746665 8207.93562515517 
8163.49240493921 8183.72076698375 8191.76800670433 8232.03885829646 
8203.41114362478 8205.7774009731 8227.76840757508 8239.86376698489 
8220.18909530482 8233.80653312641 8208.04167223232 8210.01325386406 
8175.33589559896 8169.31510087268 8182.78602483427 8164.00007232011 
8197.20438042192 8216.16343225577 8182.50739179296 8203.58020859061 
8201.37560001156 8169.6292027306 8213.70772487159 8202.20059553998 
8204.47789813966 8188.41936833389 8168.72321329447 8178.44255125528 
8167.83129926106 8152.43907392449 8137.1451608345 8174.98721913224 
8177.39677612054 8179.5810914573 8180.70465219882 8183.82949811534 
8183.74979928882 8183.31860368673 8158.32552988561 8173.94860171903 
8193.34885482196 8195.23183010909 8150.50747195044 8183.18882838301 
8148.65996055366 8167.73356982583 8173.02089543508 8118.3807035366 
8144.69746396997 8157.78465314109 8128.53298259691 8132.77977470006 
8171.31563125254 8183.62713196868 8191.06370060299 8195.8654851781 
8206.84846954237 8184.78645068333 8175.55712984362 8162.09940647048 
8165.80384010183 8152.69673190752 8156.86448080468 8157.34936664973 
8163.75210232638 8130.01854320956 8125.29481920078 8137.63997699039 
8193.5592014778 8166.37462189161 8143.60855569584 8192.66946200454 
8187.92460055623 8143.11835902455 8153.12593280524 8132.62910042629 
8125.83774492581 8134.68107616658 8129.07812809603 8133.82570144458 
8142.29912130207 8170.99338320373 8134.49062851577 8136.18262948684 
8153.34610102464 8173.12563709746 8195.5026598991 8170.89523078999 
8207.0194276335 8189.54185208871 8180.88079295625 8127.60594962035 
8163.99211043814 8146.88053237006 8121.38842970154 8106.15526375053 
8140.93749221762 8117.32258554826 8085.02970655959 8123.7156063449 
8126.66367697303 8121.70367732824 8130.18410955295 8159.93569927518 
8165.98403747158 8148.18839987158 8170.61611825227 8125.27326687217 
8127.72721756479 8126.42505679389 8141.55165999917 8117.51763357245 
8138.47148435682 8125.36695019589 8111.70708513575 8105.31697755809 
8135.32195944509 8120.14522479548 8150.29606027095 8151.2914996489 
8166.2492348753 8194.56577248636 8151.34801374161 8131.13944795797 
8131.22013807078 8112.27219164485 8141.28183173927 8146.24094934414 
8123.48045212984 8114.40733784595 8134.45464726686 8102.22029045331 
8126.95302965121 8150.25944149991 8119.62102210211 8123.52763102573 
8144.58759570911 8177.47889701485 8171.69579340577 8150.74364285044 
8138.82294166702 8126.10386242558 8125.29917425142 8111.11760160017 
8119.22700550371 8094.04754880893 8135.12411608282 8107.11403644763 
8132.15552803608 8139.95804004126 8117.33135365858 8109.1259908654 
8136.26470030599 8145.07020751875 8172.4089844647 8150.86833062347 
8141.55706279245 8139.80449000153 8131.03942256552 8130.53980463647 
8098.14274729009 8099.46672603201 8111.62314750325 8134.91495915074 
8140.65665007988 8101.28884390206 8114.53580974606 8171.05034357469 
8143.80356448657 8158.17075958651 8136.85185326697 8149.18124754073 
8124.54138113509 8118.78790226469 8117.84991511744 8117.18759981762 
8113.10409488222 8133.91167417432 8098.21209777618 8127.76769616173 
8100.86306441397 8118.49326220999 8110.26617595169 8121.71248170706 
8142.37162432922 8119.73609240811 8125.5574915663 8173.36609089268 
8150.83281754426 8143.3329301054 8131.08298738178 8115.77119990312 
8108.78113193131 8123.49018213961 8115.57889361995 8139.19365476163 
8102.02882949927 8120.26259867676 8113.61060805947 8145.44821193312 
8104.6541570079 8133.31396234124 8155.13438391323 8156.50363113902 
8135.59885078231 8125.38523345492 8125.06674144216 8118.80907298232 
8107.8142298655 8115.28642218161 8104.85403380802 8095.57386877692 
8121.97699518596 8107.74236116882 8104.40411470794 8144.32652961537 
8132.08718875 8138.11222473435 8172.41168678719 8133.02495700017 
8129.98598347397 8144.75084580445 8170.3318849949 8144.6557928003 
8123.63665979175 8100.45162310529 8129.30308961988 8115.81600493388 
8128.47429984762 8108.65339310877 8117.13683649573 8127.33782784865 
8107.2386198621 8131.79720484592 8133.12084537975 8125.36796642668 
8136.73873837767 8135.50508318529 8142.08064714478 8147.12021361886 
8097.25156836556 8127.77780967154 8146.52682622036 8088.50395181031 
8136.08771701458 8114.81191900285 8099.1906514774 8098.36790896302 
8130.7078756415 8153.59990271021 8133.7534893449 8113.14635148337 
8144.78305699916 8139.10760955145 8118.69688546443 8132.89519049272 
8097.07338848146 8126.80485659116 8117.3321232959 8107.54426156494 
8103.3545240838 8110.15369836487 8128.18403036614 8143.49888829597 
8162.71047814682 8130.19059393695 8131.17644041577 8183.17411839906 
8143.88564746061 8144.03487571666 8152.41202605376 8140.61611849057 
8127.78957248319 8086.5883708057 8134.63294761541 8125.77957891567 
8101.98965774557 8136.71945669739 8099.95984151163 8143.27502990222 
8124.99276094636 8115.88799097168 8163.03686901235 8159.19870992468 
8159.90039435563 8149.94203874283 8146.71311997559 8122.94869757057 
8102.76641504938 8118.97081574712 8117.75088653639 8094.48716928886 
8165.37930816133 8093.9561822646 8096.39724446621 8101.30891107097 
8109.10287764093 8126.58963633378 8150.91120701239 8130.64678215981 
8158.01260135104 8122.04127097625 8135.94749785309 8106.98220891768 
8121.65018549367 8142.25213926195 8132.20778504421 8133.72379302375 
8111.80814236078 8115.45288532218 8154.55316312186 8134.89444468225 
8148.49284252522 8127.19153417504 8115.83746934101 8142.53449352234 
8161.64046406917 8130.06371203638 8131.31792747785 8136.31413022091 
8138.27573733656 8143.31019898144 8110.81569309031 8118.61612351948 
8105.09548627597 8103.72181398106 8093.62167098073 8120.07962490745 
8140.38551746754 8129.0189688021 8134.89614757231 8131.22004051064 
8159.67927541134 8160.55833000615 8153.73742223655 8146.39762140693 
8145.01090016463 8136.93575593584 8125.07016598705 8121.55935954511 
8120.31085290039 8138.54113087059 8139.08694688253 8089.30642339417 
8135.3621296684 8129.76830963609 8123.78931902968 8152.79971593282 
8149.49546747211 8149.61050070189 8143.83696372243 8129.79765911672 
8156.13004526038 8113.67738660121 8113.9245582227 8126.46321496334 
8097.78028815991 8108.05830001833 8098.76110447627 8106.21413838903 
8134.54996302691 8141.04662564182 8146.1634719227 8168.27675405973 
8161.32820173289 8159.40215789305 8136.12329374574 8138.50213723214 
8119.31198329279 8116.13554015676 8181.79199707594 8136.67080456923 
8125.90170941595 8115.81580098415 8123.25794022029 8111.31284562388 
8116.77551588849 8122.33181408161 8095.1362633994 8142.24364149699 
8142.96104365036 8143.33775965775 8139.19911613944 8152.67510328065 
8130.76408280848 8148.42191507835 8150.16220786451 8102.04640120165 
8130.08123282116 8127.27426218093 8096.11859514105 8120.5702760569 
8100.72533613853 8119.65964176288 8119.02138622083 8128.99339373622 
8149.16703770816 8130.46196353277 8159.54302073824 8148.75366924438 
8145.35011906445 8118.23992394049 8104.95763069842 8090.79285735971 
8126.35757673353 8140.91283889568 8130.30239136664 8114.63001740249 
8133.13769741683 8136.02909741665 8109.08374152277 8102.88434801627 
8142.66981108343 8142.59821712343 8164.37041620918 8126.65544784627 
8163.23593555062 8120.8286950265 8112.94253837214 8112.05335048012 
8118.8217422301 8127.79806934366 8125.33840386053 8101.39245764489 
8107.63869364997 8123.77135798308 8134.67734528764 8165.76992207698 
8141.91502134738 8160.37051567416 8164.54915765237 8136.36077799192 
8136.11339196365 8156.28439450124 8124.79596040151 8099.54016665106 
8122.60914112027 8130.87726879541 8109.41084179626 8122.54018108271 
8116.31456856588 8102.66322156323 8184.11025392123 8133.77055211651 
8150.59721212033 8159.35210421629 8156.88191603681 8132.36549674503 
8137.93592530311 8128.06262446422 8140.9245608542 8122.58640749347 
8106.84912755291 8125.38029423532 8137.89046007702 8122.99180894603 
8110.48204563361 8096.54818401323 8161.09401947922 8135.79576705344 
8120.92732996069 8173.62958818578 8170.35098752188 8154.56546701794 
8124.50885992609 8168.48074205879 8149.22631211081 8157.40105346628 
8127.89635950881 8125.15132801759 8127.46966933303 8141.18496400753 
8125.0292725942 8140.10887203665 8134.36340795837 8143.74760910621 
8153.65722053301 8147.10321155233 8154.13874247757 8224.64751999363 
8156.72630628646 8125.73257642376 8133.19087506068 8160.10994384631 
8134.5399988937 8130.75443618102 8134.04012363087 8169.50732187535 
8153.49926534417 8160.21196396581 8111.71853948494 8120.27665588206 
8189.99530910061 8166.78564864949 8190.28588766013 8175.25129990938 
8170.19944133243 8155.19367324947 8179.48011544407 8178.60844617853 
8159.9911920314 8176.13103244789 8145.04018301185 8135.93898102077 
8150.40814634572 8139.21738368144 8141.21215180868 8150.47142008888 
8169.63273393428 8189.23257098435 8203.3686803196 8175.16397637699 
8202.68719337743 8161.32048708231 8144.82739358741 8174.03919773673 
8165.44500026555 8132.22145086086 8142.41112994377 8131.14726661975 
8123.77767727278 8155.64961208884 8183.46713345785 8160.51503078126 
8182.04036828587 8166.51018441695 8181.97040635118 8191.11815172765 
8202.62825150109 8169.61380276996 8183.07116380611 8165.51076210075 
8189.79092137232 8172.45048503744 8152.40235064403 8144.70796648288 
8177.71892153678 8153.87541575231 8174.75714873616 8179.25765203437 
8184.47691223907 8207.88921067286 8188.51810934205 8190.02241886727 
8187.43393886916 8158.49755438024 8181.59572293948 8171.33634200427 
8157.73435642527 8184.69903986186 8166.79047757613 8159.10608761468 
8132.62296057982 8147.63155667625 8174.59520441266 8167.03130474735 
8172.78494580981 8189.16291017116 8191.25688955269 8211.17007929044 
8188.18069312747 8190.2363236168 8198.8416553875 8186.11973291575 
8173.90013766696 8155.76970693361 8158.24747091646 8141.24172752251 
8141.28981682372 8172.04377099595 8152.36670497789 8152.82823568377 
8162.07277696891 8214.75338008113 8193.21860246746 8195.46717499664 
8197.02172929776 8198.28582621398 8174.45045995225 8191.98255225431 
8190.79685339294 8177.51427423438 8176.89796894894 8175.52575955399 
8157.29324907618 8177.3626825937 8199.02052849302 8189.37060146364 
8168.77668884475 8187.35454231577 8227.05511477798 8206.08363386145 
8214.06261320394 8218.11169647205 8174.61195689049 8171.34971750349 
8169.89511220721 8156.20486054587 8174.13751863814 8166.58788024277 
8173.26610113274 8160.71802039289 8185.66110797005 8189.7440742366 
8180.44172328246 8225.6834184506 8208.23278200852 8218.9939513491 
8200.74539454686 8200.30850572637 8203.48457477934 8194.15900272394 
8200.98892273556 8184.15961970602 8170.50437935039 8160.80986698489 
8199.96776787849 8181.67533854082 8168.36454541453 8180.35214423799 
8176.23288104529 8222.17644430562 8236.82997674812 8215.41007639713 
8228.66618139255 8223.57768731402 8209.67563796786 8219.91840291252 
8195.64197550871 8177.85225823561 8175.27208227432 8160.3263283259 
8183.45151503412 8178.76853846193 8166.02520463188 8179.29499743735 
8214.26072293399 8203.93451363996 8268.55388542109 8210.39421315614 
8233.36371840234 8240.96233908486 8195.12980193203 8219.36560863518 
8200.81726233646 8211.2942363991 8213.74394249641 8218.19588057932 
8197.90785475865 8207.44765269914 8179.69114431441 8194.32079663097 
8176.16063052218 8229.64521563357 8210.74807089882 8237.88207552249 
8235.73962095416 8288.1982745332 8228.09959122885 8251.39388160097 
8196.18436735255 8217.73873289946 8203.27039508377 8206.40336148265 
8174.43608913159 8187.30059559452 8210.94245781471 8182.39174775037 
8208.81350661189 8238.47210096836 8224.24374748871 8235.41385284507 
8200.78486324517 8213.7677037847 8207.92888350287 8224.58870923822 
8231.16786514328 8205.0326491643 8220.05485097882 8202.51600185722 
8205.46596149756 8185.63838331839 8208.46623952569 8210.11585954443 
8210.72473643641 8205.37630493017 8206.73609803266 8238.73097034521 
8240.26874499662 8243.89165222613 8240.93193278224 8224.53191600499 
8221.56526476744 8217.64591619849 8218.30640011202 8211.63867794663 
8220.38143482911 8218.40819866212 8238.65813005449 8245.37584483981 
8196.33648048094 8240.09812864158 8226.65026324868 8226.11905418939 
8260.34996557614 8284.16914147865 8262.67592066353 8291.94995840881 
8221.56553658893 8210.5921934746 8208.5029970827 8207.72779144581 
8209.70352194106 8204.69771412656 8195.05247770911 8222.51728021022 
8248.29836415849 8180.64686690737 8231.8752390051 8245.75831695921 
8233.98776383095 8293.54234935734 8260.35338422107 8238.78562038323 
8262.12721615444 8231.84473645703 8214.6482812136 8211.18216794245 
8224.51500020996 8199.861069653 8201.8845284029 8193.24319733205 
8194.6133639695 8221.54325014474 8209.46297083825 8219.08779042311 
8224.01588015305 8240.01885505343 8229.61019592811 8244.5039381451 
8242.59603053523 8222.3241839524 8223.70563922982 8206.64389542137 
8186.57948488575 8204.06607847925 8190.11087030743 8211.41326740051 
8185.93846499174 8235.85703953316 8179.46142558231 8234.47802509286 
8219.02784338736 8251.83461749623 8226.18192140871 8271.87212426687 
8220.97134181069 8201.52606027017 8205.40963897876 8208.77507331903 
8230.99752989497 8223.48188355689 8210.70548999813
##$VisuCoreDataOffs=( 900 )
0 0 0 0 0 0 0 0 0 0 0 0 0 0 0 0 0 0 0 0 0 0 0 0 0 0 0 0 0 0 0 0 0 0 0 0 0 0 0 
0 0 0 0 0 0 0 0 0 0 0 0 0 0 0 0 0 0 0 0 0 0 0 0 0 0 0 0 0 0 0 0 0 0 0 0 0 0 0 
0 0 0 0 0 0 0 0 0 0 0 0 0 0 0 0 0 0 0 0 0 0 0 0 0 0 0 0 0 0 0 0 0 0 0 0 0 0 0 
0 0 0 0 0 0 0 0 0 0 0 0 0 0 0 0 0 0 0 0 0 0 0 0 0 0 0 0 0 0 0 0 0 0 0 0 0 0 0 
0 0 0 0 0 0 0 0 0 0 0 0 0 0 0 0 0 0 0 0 0 0 0 0 0 0 0 0 0 0 0 0 0 0 0 0 0 0 0 
0 0 0 0 0 0 0 0 0 0 0 0 0 0 0 0 0 0 0 0 0 0 0 0 0 0 0 0 0 0 0 0 0 0 0 0 0 0 0 
0 0 0 0 0 0 0 0 0 0 0 0 0 0 0 0 0 0 0 0 0 0 0 0 0 0 0 0 0 0 0 0 0 0 0 0 0 0 0 
0 0 0 0 0 0 0 0 0 0 0 0 0 0 0 0 0 0 0 0 0 0 0 0 0 0 0 0 0 0 0 0 0 0 0 0 0 0 0 
0 0 0 0 0 0 0 0 0 0 0 0 0 0 0 0 0 0 0 0 0 0 0 0 0 0 0 0 0 0 0 0 0 0 0 0 0 0 0 
0 0 0 0 0 0 0 0 0 0 0 0 0 0 0 0 0 0 0 0 0 0 0 0 0 0 0 0 0 0 0 0 0 0 0 0 0 0 0 
0 0 0 0 0 0 0 0 0 0 0 0 0 0 0 0 0 0 0 0 0 0 0 0 0 0 0 0 0 0 0 0 0 0 0 0 0 0 0 
0 0 0 0 0 0 0 0 0 0 0 0 0 0 0 0 0 0 0 0 0 0 0 0 0 0 0 0 0 0 0 0 0 0 0 0 0 0 0 
0 0 0 0 0 0 0 0 0 0 0 0 0 0 0 0 0 0 0 0 0 0 0 0 0 0 0 0 0 0 0 0 0 0 0 0 0 0 0 
0 0 0 0 0 0 0 0 0 0 0 0 0 0 0 0 0 0 0 0 0 0 0 0 0 0 0 0 0 0 0 0 0 0 0 0 0 0 0 
0 0 0 0 0 0 0 0 0 0 0 0 0 0 0 0 0 0 0 0 0 0 0 0 0 0 0 0 0 0 0 0 0 0 0 0 0 0 0 
0 0 0 0 0 0 0 0 0 0 0 0 0 0 0 0 0 0 0 0 0 0 0 0 0 0 0 0 0 0 0 0 0 0 0 0 0 0 0 
0 0 0 0 0 0 0 0 0 0 0 0 0 0 0 0 0 0 0 0 0 0 0 0 0 0 0 0 0 0 0 0 0 0 0 0 0 0 0 
0 0 0 0 0 0 0 0 0 0 0 0 0 0 0 0 0 0 0 0 0 0 0 0 0 0 0 0 0 0 0 0 0 0 0 0 0 0 0 
0 0 0 0 0 0 0 0 0 0 0 0 0 0 0 0 0 0 0 0 0 0 0 0 0 0 0 0 0 0 0 0 0 0 0 0 0 0 0 
0 0 0 0 0 0 0 0 0 0 0 0 0 0 0 0 0 0 0 0 0 0 0 0 0 0 0 0 0 0 0 0 0 0 0 0 0 0 0 
0 0 0 0 0 0 0 0 0 0 0 0 0 0 0 0 0 0 0 0 0 0 0 0 0 0 0 0 0 0 0 0 0 0 0 0 0 0 0 
0 0 0 0 0 0 0 0 0 0 0 0 0 0 0 0 0 0 0 0 0 0 0 0 0 0 0 0 0 0 0 0 0 0 0 0 0 0 0 
0 0 0 0 0 0 0 0 0 0 0 0 0 0 0 0 0 0 0 0 0 0 0 0 0 0 0 0 0 0 0 0 0 0 0 0 0 0 0 
0 0 0
##$VisuCoreDataSlope=( 900 )
0.0383000918339388 0.0383000918339388 0.0383000918339388 0.0383000918339388 
0.0383000918339388 0.0383000918339388 0.0383000918339388 0.0383000918339388 
0.0383000918339388 0.0383000918339388 0.0383000918339388 0.0383000918339388 
0.0383000918339388 0.0383000918339388 0.0383000918339388 0.0383000918339388 
0.0383000918339388 0.0383000918339388 0.0383000918339388 0.0383000918339388 
0.0383000918339388 0.0383000918339388 0.0383000918339388 0.0383000918339388 
0.0383000918339388 0.0383000918339388 0.0383000918339388 0.0383000918339388 
0.0383000918339388 0.0383000918339388 0.0383000918339388 0.0383000918339388 
0.0383000918339388 0.0383000918339388 0.0383000918339388 0.0383000918339388 
0.0383000918339388 0.0383000918339388 0.0383000918339388 0.0383000918339388 
0.0383000918339388 0.0383000918339388 0.0383000918339388 0.0383000918339388 
0.0383000918339388 0.0383000918339388 0.0383000918339388 0.0383000918339388 
0.0383000918339388 0.0383000918339388 0.0383000918339388 0.0383000918339388 
0.0383000918339388 0.0383000918339388 0.0383000918339388 0.0383000918339388 
0.0383000918339388 0.0383000918339388 0.0383000918339388 0.0383000918339388 
0.0383000918339388 0.0383000918339388 0.0383000918339388 0.0383000918339388 
0.0383000918339388 0.0383000918339388 0.0383000918339388 0.0383000918339388 
0.0383000918339388 0.0383000918339388 0.0383000918339388 0.0383000918339388 
0.0383000918339388 0.0383000918339388 0.0383000918339388 0.0383000918339388 
0.0383000918339388 0.0383000918339388 0.0383000918339388 0.0383000918339388 
0.0383000918339388 0.0383000918339388 0.0383000918339388 0.0383000918339388 
0.0383000918339388 0.0383000918339388 0.0383000918339388 0.0383000918339388 
0.0383000918339388 0.0383000918339388 0.0383000918339388 0.0383000918339388 
0.0383000918339388 0.0383000918339388 0.0383000918339388 0.0383000918339388 
0.0383000918339388 0.0383000918339388 0.0383000918339388 0.0383000918339388 
0.0383000918339388 0.0383000918339388 0.0383000918339388 0.0383000918339388 
0.0383000918339388 0.0383000918339388 0.0383000918339388 0.0383000918339388 
0.0383000918339388 0.0383000918339388 0.0383000918339388 0.0383000918339388 
0.0383000918339388 0.0383000918339388 0.0383000918339388 0.0383000918339388 
0.0383000918339388 0.0383000918339388 0.0383000918339388 0.0383000918339388 
0.0383000918339388 0.0383000918339388 0.0383000918339388 0.0383000918339388 
0.0383000918339388 0.0383000918339388 0.0383000918339388 0.0383000918339388 
0.0383000918339388 0.0383000918339388 0.0383000918339388 0.0383000918339388 
0.0383000918339388 0.0383000918339388 0.0383000918339388 0.0383000918339388 
0.0383000918339388 0.0383000918339388 0.0383000918339388 0.0383000918339388 
0.0383000918339388 0.0383000918339388 0.0383000918339388 0.0383000918339388 
0.0383000918339388 0.0383000918339388 0.0383000918339388 0.0383000918339388 
0.0383000918339388 0.0383000918339388 0.0383000918339388 0.0383000918339388 
0.0383000918339388 0.0383000918339388 0.0383000918339388 0.0383000918339388 
0.0383000918339388 0.0383000918339388 0.0383000918339388 0.0383000918339388 
0.0383000918339388 0.0383000918339388 0.0383000918339388 0.0383000918339388 
0.0383000918339388 0.0383000918339388 0.0383000918339388 0.0383000918339388 
0.0383000918339388 0.0383000918339388 0.0383000918339388 0.0383000918339388 
0.0383000918339388 0.0383000918339388 0.0383000918339388 0.0383000918339388 
0.0383000918339388 0.0383000918339388 0.0383000918339388 0.0383000918339388 
0.0383000918339388 0.0383000918339388 0.0383000918339388 0.0383000918339388 
0.0383000918339388 0.0383000918339388 0.0383000918339388 0.0383000918339388 
0.0383000918339388 0.0383000918339388 0.0383000918339388 0.0383000918339388 
0.0383000918339388 0.0383000918339388 0.0383000918339388 0.0383000918339388 
0.0383000918339388 0.0383000918339388 0.0383000918339388 0.0383000918339388 
0.0383000918339388 0.0383000918339388 0.0383000918339388 0.0383000918339388 
0.0383000918339388 0.0383000918339388 0.0383000918339388 0.0383000918339388 
0.0383000918339388 0.0383000918339388 0.0383000918339388 0.0383000918339388 
0.0383000918339388 0.0383000918339388 0.0383000918339388 0.0383000918339388 
0.0383000918339388 0.0383000918339388 0.0383000918339388 0.0383000918339388 
0.0383000918339388 0.0383000918339388 0.0383000918339388 0.0383000918339388 
0.0383000918339388 0.0383000918339388 0.0383000918339388 0.0383000918339388 
0.0383000918339388 0.0383000918339388 0.0383000918339388 0.0383000918339388 
0.0383000918339388 0.0383000918339388 0.0383000918339388 0.0383000918339388 
0.0383000918339388 0.0383000918339388 0.0383000918339388 0.0383000918339388 
0.0383000918339388 0.0383000918339388 0.0383000918339388 0.0383000918339388 
0.0383000918339388 0.0383000918339388 0.0383000918339388 0.0383000918339388 
0.0383000918339388 0.0383000918339388 0.0383000918339388 0.0383000918339388 
0.0383000918339388 0.0383000918339388 0.0383000918339388 0.0383000918339388 
0.0383000918339388 0.0383000918339388 0.0383000918339388 0.0383000918339388 
0.0383000918339388 0.0383000918339388 0.0383000918339388 0.0383000918339388 
0.0383000918339388 0.0383000918339388 0.0383000918339388 0.0383000918339388 
0.0383000918339388 0.0383000918339388 0.0383000918339388 0.0383000918339388 
0.0383000918339388 0.0383000918339388 0.0383000918339388 0.0383000918339388 
0.0383000918339388 0.0383000918339388 0.0383000918339388 0.0383000918339388 
0.0383000918339388 0.0383000918339388 0.0383000918339388 0.0383000918339388 
0.0383000918339388 0.0383000918339388 0.0383000918339388 0.0383000918339388 
0.0383000918339388 0.0383000918339388 0.0383000918339388 0.0383000918339388 
0.0383000918339388 0.0383000918339388 0.0383000918339388 0.0383000918339388 
0.0383000918339388 0.0383000918339388 0.0383000918339388 0.0383000918339388 
0.0383000918339388 0.0383000918339388 0.0383000918339388 0.0383000918339388 
0.0383000918339388 0.0383000918339388 0.0383000918339388 0.0383000918339388 
0.0383000918339388 0.0383000918339388 0.0383000918339388 0.0383000918339388 
0.0383000918339388 0.0383000918339388 0.0383000918339388 0.0383000918339388 
0.0383000918339388 0.0383000918339388 0.0383000918339388 0.0383000918339388 
0.0383000918339388 0.0383000918339388 0.0383000918339388 0.0383000918339388 
0.0383000918339388 0.0383000918339388 0.0383000918339388 0.0383000918339388 
0.0383000918339388 0.0383000918339388 0.0383000918339388 0.0383000918339388 
0.0383000918339388 0.0383000918339388 0.0383000918339388 0.0383000918339388 
0.0383000918339388 0.0383000918339388 0.0383000918339388 0.0383000918339388 
0.0383000918339388 0.0383000918339388 0.0383000918339388 0.0383000918339388 
0.0383000918339388 0.0383000918339388 0.0383000918339388 0.0383000918339388 
0.0383000918339388 0.0383000918339388 0.0383000918339388 0.0383000918339388 
0.0383000918339388 0.0383000918339388 0.0383000918339388 0.0383000918339388 
0.0383000918339388 0.0383000918339388 0.0383000918339388 0.0383000918339388 
0.0383000918339388 0.0383000918339388 0.0383000918339388 0.0383000918339388 
0.0383000918339388 0.0383000918339388 0.0383000918339388 0.0383000918339388 
0.0383000918339388 0.0383000918339388 0.0383000918339388 0.0383000918339388 
0.0383000918339388 0.0383000918339388 0.0383000918339388 0.0383000918339388 
0.0383000918339388 0.0383000918339388 0.0383000918339388 0.0383000918339388 
0.0383000918339388 0.0383000918339388 0.0383000918339388 0.0383000918339388 
0.0383000918339388 0.0383000918339388 0.0383000918339388 0.0383000918339388 
0.0383000918339388 0.0383000918339388 0.0383000918339388 0.0383000918339388 
0.0383000918339388 0.0383000918339388 0.0383000918339388 0.0383000918339388 
0.0383000918339388 0.0383000918339388 0.0383000918339388 0.0383000918339388 
0.0383000918339388 0.0383000918339388 0.0383000918339388 0.0383000918339388 
0.0383000918339388 0.0383000918339388 0.0383000918339388 0.0383000918339388 
0.0383000918339388 0.0383000918339388 0.0383000918339388 0.0383000918339388 
0.0383000918339388 0.0383000918339388 0.0383000918339388 0.0383000918339388 
0.0383000918339388 0.0383000918339388 0.0383000918339388 0.0383000918339388 
0.0383000918339388 0.0383000918339388 0.0383000918339388 0.0383000918339388 
0.0383000918339388 0.0383000918339388 0.0383000918339388 0.0383000918339388 
0.0383000918339388 0.0383000918339388 0.0383000918339388 0.0383000918339388 
0.0383000918339388 0.0383000918339388 0.0383000918339388 0.0383000918339388 
0.0383000918339388 0.0383000918339388 0.0383000918339388 0.0383000918339388 
0.0383000918339388 0.0383000918339388 0.0383000918339388 0.0383000918339388 
0.0383000918339388 0.0383000918339388 0.0383000918339388 0.0383000918339388 
0.0383000918339388 0.0383000918339388 0.0383000918339388 0.0383000918339388 
0.0383000918339388 0.0383000918339388 0.0383000918339388 0.0383000918339388 
0.0383000918339388 0.0383000918339388 0.0383000918339388 0.0383000918339388 
0.0383000918339388 0.0383000918339388 0.0383000918339388 0.0383000918339388 
0.0383000918339388 0.0383000918339388 0.0383000918339388 0.0383000918339388 
0.0383000918339388 0.0383000918339388 0.0383000918339388 0.0383000918339388 
0.0383000918339388 0.0383000918339388 0.0383000918339388 0.0383000918339388 
0.0383000918339388 0.0383000918339388 0.0383000918339388 0.0383000918339388 
0.0383000918339388 0.0383000918339388 0.0383000918339388 0.0383000918339388 
0.0383000918339388 0.0383000918339388 0.0383000918339388 0.0383000918339388 
0.0383000918339388 0.0383000918339388 0.0383000918339388 0.0383000918339388 
0.0383000918339388 0.0383000918339388 0.0383000918339388 0.0383000918339388 
0.0383000918339388 0.0383000918339388 0.0383000918339388 0.0383000918339388 
0.0383000918339388 0.0383000918339388 0.0383000918339388 0.0383000918339388 
0.0383000918339388 0.0383000918339388 0.0383000918339388 0.0383000918339388 
0.0383000918339388 0.0383000918339388 0.0383000918339388 0.0383000918339388 
0.0383000918339388 0.0383000918339388 0.0383000918339388 0.0383000918339388 
0.0383000918339388 0.0383000918339388 0.0383000918339388 0.0383000918339388 
0.0383000918339388 0.0383000918339388 0.0383000918339388 0.0383000918339388 
0.0383000918339388 0.0383000918339388 0.0383000918339388 0.0383000918339388 
0.0383000918339388 0.0383000918339388 0.0383000918339388 0.0383000918339388 
0.0383000918339388 0.0383000918339388 0.0383000918339388 0.0383000918339388 
0.0383000918339388 0.0383000918339388 0.0383000918339388 0.0383000918339388 
0.0383000918339388 0.0383000918339388 0.0383000918339388 0.0383000918339388 
0.0383000918339388 0.0383000918339388 0.0383000918339388 0.0383000918339388 
0.0383000918339388 0.0383000918339388 0.0383000918339388 0.0383000918339388 
0.0383000918339388 0.0383000918339388 0.0383000918339388 0.0383000918339388 
0.0383000918339388 0.0383000918339388 0.0383000918339388 0.0383000918339388 
0.0383000918339388 0.0383000918339388 0.0383000918339388 0.0383000918339388 
0.0383000918339388 0.0383000918339388 0.0383000918339388 0.0383000918339388 
0.0383000918339388 0.0383000918339388 0.0383000918339388 0.0383000918339388 
0.0383000918339388 0.0383000918339388 0.0383000918339388 0.0383000918339388 
0.0383000918339388 0.0383000918339388 0.0383000918339388 0.0383000918339388 
0.0383000918339388 0.0383000918339388 0.0383000918339388 0.0383000918339388 
0.0383000918339388 0.0383000918339388 0.0383000918339388 0.0383000918339388 
0.0383000918339388 0.0383000918339388 0.0383000918339388 0.0383000918339388 
0.0383000918339388 0.0383000918339388 0.0383000918339388 0.0383000918339388 
0.0383000918339388 0.0383000918339388 0.0383000918339388 0.0383000918339388 
0.0383000918339388 0.0383000918339388 0.0383000918339388 0.0383000918339388 
0.0383000918339388 0.0383000918339388 0.0383000918339388 0.0383000918339388 
0.0383000918339388 0.0383000918339388 0.0383000918339388 0.0383000918339388 
0.0383000918339388 0.0383000918339388 0.0383000918339388 0.0383000918339388 
0.0383000918339388 0.0383000918339388 0.0383000918339388 0.0383000918339388 
0.0383000918339388 0.0383000918339388 0.0383000918339388 0.0383000918339388 
0.0383000918339388 0.0383000918339388 0.0383000918339388 0.0383000918339388 
0.0383000918339388 0.0383000918339388 0.0383000918339388 0.0383000918339388 
0.0383000918339388 0.0383000918339388 0.0383000918339388 0.0383000918339388 
0.0383000918339388 0.0383000918339388 0.0383000918339388 0.0383000918339388 
0.0383000918339388 0.0383000918339388 0.0383000918339388 0.0383000918339388 
0.0383000918339388 0.0383000918339388 0.0383000918339388 0.0383000918339388 
0.0383000918339388 0.0383000918339388 0.0383000918339388 0.0383000918339388 
0.0383000918339388 0.0383000918339388 0.0383000918339388 0.0383000918339388 
0.0383000918339388 0.0383000918339388 0.0383000918339388 0.0383000918339388 
0.0383000918339388 0.0383000918339388 0.0383000918339388 0.0383000918339388 
0.0383000918339388 0.0383000918339388 0.0383000918339388 0.0383000918339388 
0.0383000918339388 0.0383000918339388 0.0383000918339388 0.0383000918339388 
0.0383000918339388 0.0383000918339388 0.0383000918339388 0.0383000918339388 
0.0383000918339388 0.0383000918339388 0.0383000918339388 0.0383000918339388 
0.0383000918339388 0.0383000918339388 0.0383000918339388 0.0383000918339388 
0.0383000918339388 0.0383000918339388 0.0383000918339388 0.0383000918339388 
0.0383000918339388 0.0383000918339388 0.0383000918339388 0.0383000918339388 
0.0383000918339388 0.0383000918339388 0.0383000918339388 0.0383000918339388 
0.0383000918339388 0.0383000918339388 0.0383000918339388 0.0383000918339388 
0.0383000918339388 0.0383000918339388 0.0383000918339388 0.0383000918339388 
0.0383000918339388 0.0383000918339388 0.0383000918339388 0.0383000918339388 
0.0383000918339388 0.0383000918339388 0.0383000918339388 0.0383000918339388 
0.0383000918339388 0.0383000918339388 0.0383000918339388 0.0383000918339388 
0.0383000918339388 0.0383000918339388 0.0383000918339388 0.0383000918339388 
0.0383000918339388 0.0383000918339388 0.0383000918339388 0.0383000918339388 
0.0383000918339388 0.0383000918339388 0.0383000918339388 0.0383000918339388 
0.0383000918339388 0.0383000918339388 0.0383000918339388 0.0383000918339388 
0.0383000918339388 0.0383000918339388 0.0383000918339388 0.0383000918339388 
0.0383000918339388 0.0383000918339388 0.0383000918339388 0.0383000918339388 
0.0383000918339388 0.0383000918339388 0.0383000918339388 0.0383000918339388 
0.0383000918339388 0.0383000918339388 0.0383000918339388 0.0383000918339388 
0.0383000918339388 0.0383000918339388 0.0383000918339388 0.0383000918339388 
0.0383000918339388 0.0383000918339388 0.0383000918339388 0.0383000918339388 
0.0383000918339388 0.0383000918339388 0.0383000918339388 0.0383000918339388 
0.0383000918339388 0.0383000918339388 0.0383000918339388 0.0383000918339388 
0.0383000918339388 0.0383000918339388 0.0383000918339388 0.0383000918339388 
0.0383000918339388 0.0383000918339388 0.0383000918339388 0.0383000918339388 
0.0383000918339388 0.0383000918339388 0.0383000918339388 0.0383000918339388 
0.0383000918339388 0.0383000918339388 0.0383000918339388 0.0383000918339388 
0.0383000918339388 0.0383000918339388 0.0383000918339388 0.0383000918339388 
0.0383000918339388 0.0383000918339388 0.0383000918339388 0.0383000918339388 
0.0383000918339388 0.0383000918339388 0.0383000918339388 0.0383000918339388 
0.0383000918339388 0.0383000918339388 0.0383000918339388 0.0383000918339388 
0.0383000918339388 0.0383000918339388 0.0383000918339388 0.0383000918339388 
0.0383000918339388 0.0383000918339388 0.0383000918339388 0.0383000918339388 
0.0383000918339388 0.0383000918339388 0.0383000918339388 0.0383000918339388 
0.0383000918339388 0.0383000918339388 0.0383000918339388 0.0383000918339388 
0.0383000918339388 0.0383000918339388 0.0383000918339388 0.0383000918339388 
0.0383000918339388 0.0383000918339388 0.0383000918339388 0.0383000918339388 
0.0383000918339388 0.0383000918339388 0.0383000918339388 0.0383000918339388 
0.0383000918339388 0.0383000918339388 0.0383000918339388 0.0383000918339388 
0.0383000918339388 0.0383000918339388 0.0383000918339388 0.0383000918339388 
0.0383000918339388 0.0383000918339388 0.0383000918339388 0.0383000918339388 
0.0383000918339388 0.0383000918339388 0.0383000918339388 0.0383000918339388 
0.0383000918339388 0.0383000918339388 0.0383000918339388 0.0383000918339388 
0.0383000918339388 0.0383000918339388 0.0383000918339388 0.0383000918339388 
0.0383000918339388 0.0383000918339388 0.0383000918339388 0.0383000918339388 
0.0383000918339388 0.0383000918339388 0.0383000918339388 0.0383000918339388 
0.0383000918339388 0.0383000918339388 0.0383000918339388 0.0383000918339388 
0.0383000918339388 0.0383000918339388 0.0383000918339388 0.0383000918339388 
0.0383000918339388 0.0383000918339388 0.0383000918339388 0.0383000918339388 
0.0383000918339388 0.0383000918339388 0.0383000918339388 0.0383000918339388 
0.0383000918339388 0.0383000918339388 0.0383000918339388 0.0383000918339388 
0.0383000918339388 0.0383000918339388 0.0383000918339388 0.0383000918339388 
0.0383000918339388 0.0383000918339388 0.0383000918339388 0.0383000918339388 
0.0383000918339388 0.0383000918339388 0.0383000918339388 0.0383000918339388 
0.0383000918339388 0.0383000918339388 0.0383000918339388 0.0383000918339388 
0.0383000918339388 0.0383000918339388 0.0383000918339388 0.0383000918339388 
0.0383000918339388 0.0383000918339388 0.0383000918339388 0.0383000918339388
##$VisuCoreFrameType=( 1 )
MAGNITUDE_IMAGE
##$VisuCoreWordType=_16BIT_SGN_INT
##$VisuCoreByteOrder=littleEndian
##$VisuFGOrderDescDim=1
##$VisuFGOrderDesc=( 1 )
(900, <FG_CYCLE>, <>, 0, 0)
##$VisuGroupDepVals=( 1 )
(<>, 0)
##$VisuSubjectName=( 65 )
<Blue Imaging Tube D030>
##$VisuSubjectId=( 65 )
<QA_Phantom_T10998>
##$VisuSubjectUid=( 65 )
<2.16.756.5.5.100.1284424989.8323.1460579554.3>
##$VisuSubjectInstanceCreationDate=(1460579554, 762, -240)
##$VisuSubjectBirthDate=( 9 )
<20250524>
##$VisuSubjectSex=UNDEFINED
##$VisuSubjectType=Other
##$VisuStudyUid=( 65 )
<2.16.756.5.5.100.8323328.48392.1758292192.9>
##$VisuStudyDate=<2025-09-19T10:29:52,856-0400>
##$VisuStudyId=( 65 )
<EPI_test>
##$VisuStudyNumber=148
##$VisuSubjectWeight=0.001
##$VisuStudyReferringPhysician=( 65 )
<nmrsu>
##$VisuStudyDescription=( 2048 )
<\
>
##$VisuExperimentNumber=5
##$VisuProcessingNumber=1
##$VisuSeriesDate=<2025-09-19T10:57:30,297-0400>
##$VisuSubjectPosition=Head_Supine
##$VisuSeriesTypeId=( 65 )
<ACQ_BRUKER_PVM>
##$VisuSeriesComment=( 65 )
<EPI_noblock>
##$VisuManufacturer=( 65 )
<Bruker BioSpin MRI GmbH>
##$VisuAcqSoftwareVersion=( 65 )
<6.0.1>
##$VisuInstitution=( 65 )
<Sunnybrook Research Institute>
##$VisuStation=( 65 )
<BioSpec 70/30>
##$VisuSystemOrderNumber=( 65 )
<CTO-081-10>
##$VisuAcqDate=<2025-09-19T10:42:26,568-0400>
##$VisuAcqEchoTrainLength=64
##$VisuAcqSequenceName=( 40 )
<Bruker:EPI>
##$VisuAcqNumberOfAverages=1
##$VisuAcqImagingFrequency=300.32304593564
##$VisuAcqImagedNucleus=( 8 )
<1H>
##$VisuAcqRepetitionTime=( 1 )
1000
##$VisuAcqPhaseEncSteps=64
##$VisuAcqPixelBandwidth=3125
##$VisuAcqFlipAngle=90
##$VisuAcqSize=( 2 )
64 64
##$VisuAcqImageSizeAccellerated=No
##$VisuAcqGradEncoding=( 2 )
read_enc phase_enc
##$VisuAcqEchoTime=( 1 )
14.039
##$VisuAcquisitionProtocol=( 65 )
<EPI>
##$VisuAcqScanTime=900000
##$VisuAcqAntiAlias=( 2 )
1 1
##$VisuAcqEchoSequenceType=Both
##$VisuAcqSpinsVelocityEncoded=No
##$VisuAcqHasTimeOfFlightContrast=No
##$VisuAcqIsEpiSequence=Yes
##$VisuAcqSpectralSuppression=NoSuppression
##$VisuAcqKSpaceTraversal=RectilinearTraversal
##$VisuAcqEncodingOrder=( 2 )
LinearEncoding LinearEncoding
##$VisuAcqKSpaceTrajectoryCnt=1
##$VisuAcqKSpaceFiltering=( 2 )
NO_WDW NO_WDW
##$VisuAcqFlowCompensation=FlowNone
##$VisuAcqSpoiling=GradientSpoiled
##$VisuAcqPartialFourier=( 2 )
1 1
##$VisuAcqParallelReductionFactor=( 2 )
1 1
##$VisuAcqMagnetizationTransfer=No
##$VisuAcqBloodSignalNulling=No
##$VisuCardiacSynchUsed=No
##$VisuRespSynchUsed=No
##END=
$$ File finished by PARX at 2025-09-19 10:57:31.551 -0400
